GEM
  remote: https://rubygems.org/
  specs:
    byebug (9.1.0)
    configatron (4.5.1)
    diff-lcs (1.3)
    erubi (1.6.1)
    ffi (1.9.18)
    flickraw (0.9.9)
    oauth (0.5.3)
    pg (0.21.0)
    puma (3.10.0)
    rack (2.0.3)
    rake (12.1.0)
    rb-fsevent (0.10.2)
    rb-inotify (0.9.10)
      ffi (>= 0.5.0, < 2)
    roda (3.0.0)
      rack
    rspec (3.6.0)
      rspec-core (~> 3.6.0)
      rspec-expectations (~> 3.6.0)
      rspec-mocks (~> 3.6.0)
    rspec-core (3.6.0)
      rspec-support (~> 3.6.0)
    rspec-expectations (3.6.0)
      diff-lcs (>= 1.2.0, < 2.0)
      rspec-support (~> 3.6.0)
    rspec-mocks (3.6.0)
      diff-lcs (>= 1.2.0, < 2.0)
      rspec-support (~> 3.6.0)
    rspec-support (3.6.0)
    sass (3.5.1)
      sass-listen (~> 4.0.0)
    sass-listen (4.0.0)
      rb-fsevent (~> 0.9, >= 0.9.4)
      rb-inotify (~> 0.9, >= 0.9.7)
    sequel (5.0.0)
    sequel_pg (1.7.1)
      pg (>= 0.8.0)
      sequel (>= 4.0.0)
    tilt (2.0.8)

PLATFORMS
  ruby

DEPENDENCIES
  byebug
  configatron
  erubi
  flickraw
  oauth
  puma
  rake
  roda
  rspec (~> 3.6)
  sass
  sequel
  sequel_pg
  tilt (>= 2)

RUBY VERSION
   ruby 2.4.2p198

BUNDLED WITH
   1.16.0.pre.2
